GIT
  remote: https://github.com/dblock/jammit.git
  revision: cea2b4e34213b547dd0480e33aa7bfbd04fde1e4
  specs:
    jammit (0.6.5)
      yui-compressor (>= 0.9.3)

GEM
  remote: http://rubygems.org/
  specs:
    POpen4 (0.1.4)
      Platform (>= 0.4.0)
      open4
    Platform (0.4.0)
    albino (1.3.3)
      posix-spawn (>= 0.3.6)
    chunky_png (1.2.6)
    classifier (1.3.3)
      fast-stemmer (>= 1.0.0)
    compass (0.12.2)
      chunky_png (~> 1.2)
      fssm (>= 0.2.7)
      sass (~> 3.1)
    directory_watcher (1.4.1)
    fast-stemmer (1.0.1)
    ffi (1.2.0)
    fssm (0.2.9)
    gsl (1.14.7)
      narray (>= 0.5.9)
    jekyll (0.11.2)
      albino (~> 1.3)
      classifier (~> 1.3)
      directory_watcher (~> 1.1)
      kramdown (~> 0.13)
      liquid (~> 2.3)
      maruku (~> 0.5)
    kramdown (0.14.0)
    liquid (2.4.1)
    maruku (0.6.1)
      syntax (>= 1.0.0)
    narray (0.6.0.1)
    open4 (1.3.0)
    posix-spawn (0.3.6)
    rake (10.0.2)
    rdiscount (1.6.8)
    sass (3.2.3)
    syntax (1.0.0)
    tidy_ffi (0.1.4)
      ffi (>= 0.3.5)
    yui-compressor (0.9.6)
      POpen4 (>= 0.1.4)

PLATFORMS
  ruby

DEPENDENCIES
  compass
  gsl
  jammit!
  jekyll
  rake
  rdiscount
  tidy_ffi
